GEM
  remote: https://rubygems.org/
  specs:
    mini_portile2 (2.8.6)
    nokogiri (1.15.6)
      mini_portile2 (~> 2.8.2)
      racc (~> 1.4)
    power_assert (0.4.1)
    racc (1.7.3)
    test-unit (3.2.3)
      power_assert

PLATFORMS
  ruby

DEPENDENCIES
  nokogiri (>= 1.11.0)
  test-unit

BUNDLED WITH
   1.17.2
